GIT
  remote: git://github.com/basho/riak-ruby-client.git
  revision: 15a1fcb3cc5adf5365ae7d920cff8f13bc57743c
  ref: 15a1fcb3cc5adf5365ae7d920cff8f13bc57743c
  specs:
    riak-client (1.0.4)
      beefcake (~> 0.3.7)
      builder (>= 2.1.2)
      i18n (>= 0.4.0)
      multi_json (~> 1.0)

GIT
  remote: git://github.com/seancribbs/ripple.git
  revision: c68106a8a431cbef6be1ad79a5080359a9f7f540
  ref: c68106a8a431cbef6be1ad79a5080359a9f7f540
  specs:
    ripple (1.0.0.beta2)
      activemodel (>= 3.0.0, < 3.3.0)
      activesupport (>= 3.0.0, < 3.3.0)
      riak-client (~> 1.0.0)
      tzinfo

GEM
  remote: https://rubygems.org/
  specs:
    activemodel (3.2.8)
      activesupport (= 3.2.8)
      builder (~> 3.0.0)
    activesupport (3.2.8)
      i18n (~> 0.6)
      multi_json (~> 1.0)
    beefcake (0.3.7)
    builder (3.0.0)
    i18n (0.6.0)
    multi_json (1.3.6)
    rake (0.9.2.2)
    tzinfo (0.3.33)

PLATFORMS
  ruby

DEPENDENCIES
  rake
  riak-client!
  ripple!
